GEM
  remote: https://rubygems.org/
  specs:
    bcrypt (3.1.18)
    dotenv (2.7.6)
    jwt (2.4.1)
    multi_json (1.15.0)
    mustermann (1.1.1)
      ruby2_keywords (~> 0.0.1)
    pg (1.4.0)
    rack (2.2.3.1)
    rack-protection (2.2.0)
      rack
    ruby2_keywords (0.0.5)
    sequel (5.57.0)
    sinatra (2.2.0)
      mustermann (~> 1.0)
      rack (~> 2.2)
      rack-protection (= 2.2.0)
      tilt (~> 2.0)
    sinatra-contrib (2.2.0)
      multi_json
      mustermann (~> 1.0)
      rack-protection (= 2.2.0)
      sinatra (= 2.2.0)
      tilt (~> 2.0)
    tilt (2.0.10)
    webrick (1.7.0)

PLATFORMS
  x86_64-darwin-21
  x86_64-linux

DEPENDENCIES
  bcrypt
  dotenv
  jwt
  pg
  sequel
  sinatra
  sinatra-contrib
  webrick

RUBY VERSION
   ruby 3.0.3p157

BUNDLED WITH
   2.3.15
